GIT
  remote: git://github.com/datamapper/dm-transactions.git
  revision: a400e7ffdca0a358b44698259584bb5c29f9f1b8
  branch: release-1.2
  specs:
    dm-transactions (1.2.0)
      dm-core (~> 1.2.0)

GIT
  remote: git://github.com/morygonzalez/dm-tags.git
  revision: 45a0d5df4a4f73847709950977e90285795c9269
  specs:
    dm-tags (1.3.0.beta)
      dm-core (~> 1.2.1)

GIT
  remote: git://github.com/morygonzalez/sinatra-cache.git
  revision: 7431c823278684f4a1849da941812554df2d9cf9
  specs:
    sinatra-cache (0.3.7)
      sinatra
      sinatra-outputbuffer

GIT
  remote: git://github.com/yayugu/dm-pagination.git
  revision: ab6e85d1b9e7d8d8ee69921bd0796f20d34a5e89
  specs:
    dm-pager (1.1.1)

GIT
  remote: https://github.com/tmm1/pygments.rb
  revision: a21567d28f3fc08cfcdd71048352c7c21ac8b09b
  specs:
    pygments.rb (0.6.3)
      posix-spawn (~> 0.3.6)
      yajl-ruby (~> 1.2.0)

GEM
  remote: https://rubygems.org/
  specs:
    RedCloth (4.2.9)
    abstract (1.0.0)
    activesupport (3.2.22.2)
      i18n (~> 0.6, >= 0.6.4)
      multi_json (~> 1.0)
    addressable (2.4.0)
    airbrussh (1.0.2)
      sshkit (>= 1.6.1, != 1.7.0)
    amazon-ecs (2.4.0)
      nokogiri (~> 1.4)
      ruby-hmac (~> 0.3)
    args_parser (0.2.0)
    awesome_print (1.6.1)
    backports (2.3.0)
    bcrypt (3.1.11)
    bcrypt-ruby (3.1.5)
      bcrypt (>= 3.1.3)
    bond (0.5.1)
    builder (3.0.0)
    capistrano (3.5.0)
      airbrussh (>= 1.0.0)
      capistrano-harrow
      i18n
      rake (>= 10.0.0)
      sshkit (>= 1.9.0)
    capistrano-bundler (1.1.4)
      capistrano (~> 3.1)
      sshkit (~> 1.2)
    capistrano-harrow (0.5.1)
    capistrano-rbenv (2.0.4)
      capistrano (~> 3.1)
      sshkit (~> 1.3)
    capistrano-rbenv-install (1.2.0)
      capistrano (>= 3.0)
      capistrano-rbenv (>= 2.0)
    chunky_png (1.3.5)
    coderay (1.0.5)
    coffee-script (2.4.1)
      coffee-script-source
      execjs
    coffee-script-source (1.10.0)
    compass (0.12.7)
      chunky_png (~> 1.2)
      fssm (>= 0.2.7)
      sass (~> 3.2.19)
    data_objects (0.10.17)
      addressable (~> 2.1)
    database_cleaner (0.7.1)
    diff-lcs (1.2.5)
    dm-aggregates (1.2.0)
      dm-core (~> 1.2.0)
    dm-core (1.2.1)
      addressable (~> 2.3)
    dm-do-adapter (1.2.0)
      data_objects (~> 0.10.6)
      dm-core (~> 1.2.0)
    dm-is-searchable (1.2.0)
      dm-core (~> 1.2.0)
    dm-is-tree (1.2.0)
      dm-core (~> 1.2.0)
    dm-migrations (1.2.0)
      dm-core (~> 1.2.0)
    dm-mysql-adapter (1.2.0)
      dm-do-adapter (~> 1.2.0)
      do_mysql (~> 0.10.6)
    dm-postgres-adapter (1.2.0)
      dm-do-adapter (~> 1.2.0)
      do_postgres (~> 0.10.6)
    dm-serializer (1.2.2)
      dm-core (~> 1.2.0)
      fastercsv (~> 1.5)
      json (~> 1.6)
      json_pure (~> 1.6)
      multi_json (~> 1.0)
    dm-sqlite-adapter (1.2.0)
      dm-do-adapter (~> 1.2.0)
      do_sqlite3 (~> 0.10.6)
    dm-timestamps (1.2.0)
      dm-core (~> 1.2.0)
    dm-types (1.2.2)
      bcrypt-ruby (~> 3.0)
      dm-core (~> 1.2.0)
      fastercsv (~> 1.5)
      json (~> 1.6)
      multi_json (~> 1.0)
      stringex (~> 1.4)
      uuidtools (~> 2.1)
    dm-validations (1.2.0)
      dm-core (~> 1.2.0)
    do_mysql (0.10.17)
      data_objects (= 0.10.17)
    do_postgres (0.10.17)
      data_objects (= 0.10.17)
    do_sqlite3 (0.10.17)
      data_objects (= 0.10.17)
    docile (1.1.5)
    erubis (2.6.6)
      abstract (>= 1.0.0)
    execjs (2.7.0)
    expression_parser (0.9.0)
    factory_girl (2.6.1)
      activesupport (>= 2.3.9)
    fastercsv (1.5.5)
    fastimage (2.0.0)
      addressable (~> 2)
    ffi (1.9.10)
    fssm (0.2.10)
    haml (4.0.7)
      tilt
    http_router (0.11.2)
      rack (>= 1.0.0)
      url_mount (~> 0.2.1)
    httparty (0.13.7)
      json (~> 1.8)
      multi_xml (>= 0.5.2)
    i18n (0.6.11)
    im-kayac (0.1.2)
      args_parser
      httparty
      json
    json (1.8.3)
    json_pure (1.8.3)
    kgio (2.10.0)
    kramdown (1.11.1)
    method_source (0.8.2)
    mini_portile2 (2.0.0)
    msgpack (0.7.6)
    multi_json (1.12.1)
    multi_xml (0.5.5)
    net-scp (1.2.1)
      net-ssh (>= 2.6.5)
    net-ssh (3.1.1)
    newrelic_rpm (3.15.2.317)
    nokogiri (1.6.7.2)
      mini_portile2 (~> 2.0.0.rc2)
    padrino-core (0.11.2)
      activesupport (>= 3.1.0)
      http_router (~> 0.11.0)
      rack-protection (>= 1.5.0)
      sinatra (~> 1.4.2)
      thor (~> 0.17.0)
      tilt (~> 1.3.7)
    padrino-helpers (0.11.2)
      i18n (~> 0.6)
      padrino-core (= 0.11.2)
    posix-spawn (0.3.11)
    pry (0.9.12.6)
      coderay (~> 1.0)
      method_source (~> 0.8)
      slop (~> 3.4)
    rack (1.6.4)
    rack-flash (0.1.2)
      rack
    rack-protection (1.5.3)
      rack
    rack-recaptcha (0.6.6)
      json
    rack-test (0.6.1)
      rack (>= 1.0)
    raindrops (0.16.0)
    rake (11.1.2)
    rbtrace (0.4.8)
      ffi (>= 1.0.6)
      msgpack (>= 0.4.3)
      trollop (>= 1.16.2)
    redcarpet (3.3.4)
    ripl (0.7.1)
      bond (~> 0.5.1)
    ripl-multi_line (0.3.1)
      ripl (>= 0.3.6)
    ripl-rack (0.2.0)
      rack (>= 1.0)
      rack-test (>= 0.5)
      ripl (>= 0.3.5)
    rspec (2.14.1)
      rspec-core (~> 2.14.0)
      rspec-expectations (~> 2.14.0)
      rspec-mocks (~> 2.14.0)
    rspec-core (2.14.8)
    rspec-expectations (2.14.5)
      diff-lcs (>= 1.1.3, < 2.0)
    rspec-mocks (2.14.6)
    ruby-hmac (0.4.0)
    sass (3.2.19)
    simplecov (0.11.2)
      docile (~> 1.1.0)
      json (~> 1.8)
      simplecov-html (~> 0.10.0)
    simplecov-html (0.10.0)
    sinatra (1.4.7)
      rack (~> 1.5)
      rack-protection (~> 1.4)
      tilt (>= 1.3, < 3)
    sinatra-contrib (1.4.7)
      backports (>= 2.0)
      multi_json
      rack-protection
      rack-test
      sinatra (~> 1.4.0)
      tilt (>= 1.3, < 3)
    sinatra-flash (0.3.0)
      sinatra (>= 1.0.0)
    sinatra-outputbuffer (0.1.0)
      sinatra (>= 1.0.a)
    slim (0.9.4)
      temple (~> 0.3.0)
      tilt (~> 1.2)
    slop (3.6.0)
    sshkit (1.10.0)
      net-scp (>= 1.1.2)
      net-ssh (>= 2.8.0)
    stringex (1.5.1)
    tapp (1.3.0)
      thor
    temple (0.3.5)
    thor (0.17.0)
    tilt (1.3.7)
    trollop (2.1.2)
    tux (0.3.0)
      ripl (>= 0.3.5)
      ripl-multi_line (>= 0.2.4)
      ripl-rack (>= 0.2.0)
      sinatra (>= 1.2.1)
    unicorn (5.1.0)
      kgio (~> 2.6)
      raindrops (~> 0.7)
    url_mount (0.2.1)
      rack
    uuidtools (2.1.5)
    wikicloth (0.7.1)
      builder
      expression_parser
    yajl-ruby (1.2.1)
    yard (0.8.7.6)
    yard-sinatra (1.0.0)
      yard (~> 0.7)

PLATFORMS
  ruby

DEPENDENCIES
  RedCloth (= 4.2.9)
  activesupport (~> 3.2.22)
  amazon-ecs
  awesome_print
  backports (= 2.3.0)
  builder (= 3.0.0)
  bundler
  capistrano
  capistrano-bundler
  capistrano-rbenv
  capistrano-rbenv-install
  coderay (= 1.0.5)
  coffee-script
  compass (~> 0.12.2)
  data_objects (= 0.10.17)
  database_cleaner (= 0.7.1)
  dm-aggregates (~> 1.2.0)
  dm-core (~> 1.2.1)
  dm-is-searchable (~> 1.2.0)
  dm-is-tree (~> 1.2.0)
  dm-migrations (~> 1.2.0)
  dm-mysql-adapter (= 1.2.0)
  dm-pager!
  dm-postgres-adapter (= 1.2.0)
  dm-serializer
  dm-sqlite-adapter (= 1.2.0)
  dm-tags!
  dm-timestamps (~> 1.2.0)
  dm-transactions!
  dm-types (~> 1.2.2)
  dm-validations (~> 1.2.0)
  erubis (~> 2.6.6)
  factory_girl (= 2.6.1)
  fastimage
  haml (~> 4.0.4)
  i18n (~> 0.6.0)
  im-kayac
  json
  kramdown
  newrelic_rpm
  nokogiri
  padrino-helpers (= 0.11.2)
  pry
  pygments.rb!
  rack
  rack-flash (~> 0.1.2)
  rack-recaptcha
  rack-test (= 0.6.1)
  rake
  rbtrace
  redcarpet
  rspec (= 2.14.1)
  sass (~> 3.2.12)
  simplecov
  sinatra (~> 1.4.2)
  sinatra-cache!
  sinatra-contrib (~> 1.4.0)
  sinatra-flash (~> 0.3.0)
  slim (~> 0.9.2)
  sshkit
  tapp (= 1.3.0)
  tux
  unicorn
  wikicloth (= 0.7.1)
  yard-sinatra (= 1.0.0)

BUNDLED WITH
   1.11.2
