GIT
  remote: git://github.com/capistrano/sshkit.git
  revision: 52797aeecc07190ca47ec5c3315243cd95b568fd
  specs:
    sshkit (1.3.0)
      net-scp (>= 1.1.2)
      net-ssh
      term-ansicolor

GIT
  remote: git://github.com/datamapper/dm-core.git
  revision: 7cc4c145329e81d8b373a37694d050aa197c3699
  branch: release-1.2
  specs:
    dm-core (1.2.1)
      addressable (~> 2.3, >= 2.3.5)

GIT
  remote: git://github.com/datamapper/dm-transactions.git
  revision: a400e7ffdca0a358b44698259584bb5c29f9f1b8
  branch: release-1.2
  specs:
    dm-transactions (1.2.0)
      dm-core (~> 1.2.0)

GIT
  remote: git://github.com/datamapper/do.git
  revision: d7cb262d89a16eca86f85c10b88613529e1a992b
  ref: d7cb262d89a1
  specs:
    data_objects (0.10.6)
      addressable (~> 2.1)
    do_mysql (0.10.6)
      data_objects (= 0.10.6)
    do_postgres (0.10.6)
      data_objects (= 0.10.6)
    do_sqlite3 (0.10.6)
      data_objects (= 0.10.6)

GIT
  remote: git://github.com/morygonzalez/sinatra-cache.git
  revision: 7431c823278684f4a1849da941812554df2d9cf9
  specs:
    sinatra-cache (0.3.7)
      sinatra
      sinatra-outputbuffer

GIT
  remote: git://github.com/yayugu/dm-pagination.git
  revision: ab6e85d1b9e7d8d8ee69921bd0796f20d34a5e89
  specs:
    dm-pager (1.1.1)

GIT
  remote: https://github.com/tmm1/pygments.rb
  revision: 0ec90cd86c962b009958ec34f3688a2db61ef1ac
  specs:
    pygments.rb (0.5.4)
      posix-spawn (~> 0.3.6)
      yajl-ruby (~> 1.1.0)

GEM
  remote: https://rubygems.org/
  specs:
    RedCloth (4.2.9)
    abstract (1.0.0)
    activesupport (3.1.12)
      multi_json (~> 1.0)
    addressable (2.3.5)
    amazon-ecs (2.2.4)
      nokogiri (~> 1.4)
      ruby-hmac (~> 0.3)
    args_parser (0.2.0)
    awesome_print (1.2.0)
    backports (2.3.0)
    bcrypt-ruby (3.0.1)
    bond (0.4.3)
    builder (3.0.0)
    capistrano (3.1.0)
      i18n
      rake (>= 10.0.0)
      sshkit (~> 1.3)
    capistrano-bundler (1.1.1)
      capistrano (~> 3.0)
      sshkit (>= 1.2.0)
    capistrano-rbenv (2.0.1)
      capistrano (~> 3.0)
      sshkit (~> 1.3)
    chunky_png (1.2.9)
    coderay (1.0.5)
    coffee-script (2.2.0)
      coffee-script-source
      execjs
    coffee-script-source (1.6.3)
    compass (0.12.2)
      chunky_png (~> 1.2)
      fssm (>= 0.2.7)
      sass (~> 3.1)
    database_cleaner (0.7.1)
    diff-lcs (1.2.5)
    dm-aggregates (1.2.0)
      dm-core (~> 1.2.0)
    dm-do-adapter (1.2.0)
      data_objects (~> 0.10.6)
      dm-core (~> 1.2.0)
    dm-is-searchable (1.2.0)
      dm-core (~> 1.2.0)
    dm-is-tree (1.2.0)
      dm-core (~> 1.2.0)
    dm-migrations (1.2.0)
      dm-core (~> 1.2.0)
    dm-mysql-adapter (1.2.0)
      dm-do-adapter (~> 1.2.0)
      do_mysql (~> 0.10.6)
    dm-postgres-adapter (1.2.0)
      dm-do-adapter (~> 1.2.0)
      do_postgres (~> 0.10.6)
    dm-sqlite-adapter (1.2.0)
      dm-do-adapter (~> 1.2.0)
      do_sqlite3 (~> 0.10.6)
    dm-tags (1.2.0)
      dm-core (~> 1.2.0)
    dm-timestamps (1.2.0)
      dm-core (~> 1.2.0)
    dm-types (1.2.0)
      bcrypt-ruby (~> 3.0.0)
      dm-core (~> 1.2.0)
      fastercsv (~> 1.5.4)
      json (~> 1.5.4)
      multi_json (~> 1.0.3)
      stringex (~> 1.3.0)
      uuidtools (~> 2.1.2)
    dm-validations (1.2.0)
      dm-core (~> 1.2.0)
    docile (1.1.2)
    erubis (2.6.6)
      abstract (>= 1.0.0)
    execjs (2.0.2)
    expression_parser (0.9.0)
    factory_girl (2.6.1)
      activesupport (>= 2.3.9)
    fastercsv (1.5.5)
    fssm (0.2.10)
    haml (4.0.5)
      tilt
    http_router (0.11.0)
      rack (>= 1.0.0)
      url_mount (~> 0.2.1)
    httparty (0.11.0)
      multi_json (~> 1.0)
      multi_xml (>= 0.5.2)
    i18n (0.6.0)
    im-kayac (0.1.2)
      args_parser
      httparty
      json
    json (1.5.5)
    kgio (2.8.1)
    kramdown (1.3.1)
    libv8 (3.16.14.7)
    method_source (0.8.2)
    multi_json (1.0.4)
    multi_xml (0.5.5)
    net-scp (1.1.2)
      net-ssh (>= 2.6.5)
    net-ssh (2.7.0)
    newrelic_rpm (3.7.1.188)
    nokogiri (1.5.11)
    padrino-core (0.11.2)
      activesupport (>= 3.1.0)
      http_router (~> 0.11.0)
      rack-protection (>= 1.5.0)
      sinatra (~> 1.4.2)
      thor (~> 0.17.0)
      tilt (~> 1.3.7)
    padrino-helpers (0.11.2)
      i18n (~> 0.6)
      padrino-core (= 0.11.2)
    posix-spawn (0.3.8)
    pry (0.9.12.4)
      coderay (~> 1.0)
      method_source (~> 0.8)
      slop (~> 3.4)
    rack (1.5.2)
    rack-flash (0.1.2)
      rack
    rack-mini-profiler (0.9.1)
      rack (>= 1.1.3)
    rack-protection (1.5.2)
      rack
    rack-test (0.6.1)
      rack (>= 1.0)
    raindrops (0.12.0)
    rake (10.1.1)
    redcarpet (3.0.0)
    ref (1.0.5)
    ripl (0.7.0)
      bond (~> 0.4.2)
    ripl-multi_line (0.3.1)
      ripl (>= 0.3.6)
    ripl-rack (0.2.0)
      rack (>= 1.0)
      rack-test (>= 0.5)
      ripl (>= 0.3.5)
    rspec (2.14.1)
      rspec-core (~> 2.14.0)
      rspec-expectations (~> 2.14.0)
      rspec-mocks (~> 2.14.0)
    rspec-core (2.14.7)
    rspec-expectations (2.14.4)
      diff-lcs (>= 1.1.3, < 2.0)
    rspec-mocks (2.14.4)
    ruby-hmac (0.4.0)
    sass (3.2.13)
    simplecov (0.8.2)
      docile (~> 1.1.0)
      multi_json
      simplecov-html (~> 0.8.0)
    simplecov-html (0.8.0)
    sinatra (1.4.4)
      rack (~> 1.4)
      rack-protection (~> 1.4)
      tilt (~> 1.3, >= 1.3.4)
    sinatra-contrib (1.4.2)
      backports (>= 2.0)
      multi_json
      rack-protection
      rack-test
      sinatra (~> 1.4.0)
      tilt (~> 1.3)
    sinatra-flash (0.3.0)
      sinatra (>= 1.0.0)
    sinatra-outputbuffer (0.1.0)
      sinatra (>= 1.0.a)
    slim (0.9.4)
      temple (~> 0.3.0)
      tilt (~> 1.2)
    slop (3.4.7)
    stringex (1.3.2)
    tapp (1.3.0)
      thor
    temple (0.3.5)
    term-ansicolor (1.2.2)
      tins (~> 0.8)
    therubyracer (0.12.0)
      libv8 (~> 3.16.14.0)
      ref
    thor (0.17.0)
    tilt (1.3.7)
    tins (0.13.1)
    tux (0.3.0)
      ripl (>= 0.3.5)
      ripl-multi_line (>= 0.2.4)
      ripl-rack (>= 0.2.0)
      sinatra (>= 1.2.1)
    unicorn (4.8.0)
      kgio (~> 2.6)
      rack
      raindrops (~> 0.7)
    url_mount (0.2.1)
      rack
    uuidtools (2.1.4)
    wikicloth (0.7.1)
      builder
      expression_parser
    yajl-ruby (1.1.0)
    yard (0.8.7.3)
    yard-sinatra (1.0.0)
      yard (~> 0.7)

PLATFORMS
  ruby

DEPENDENCIES
  RedCloth (= 4.2.9)
  activesupport (~> 3.1.1)
  amazon-ecs
  awesome_print
  backports (= 2.3.0)
  builder (= 3.0.0)
  bundler
  capistrano
  capistrano-bundler
  capistrano-rbenv
  coderay (= 1.0.5)
  coffee-script
  compass (~> 0.12.2)
  data_objects!
  database_cleaner (= 0.7.1)
  dm-aggregates (= 1.2.0)
  dm-core!
  dm-is-searchable (= 1.2.0)
  dm-is-tree (= 1.2.0)
  dm-migrations (= 1.2.0)
  dm-mysql-adapter (= 1.2.0)
  dm-pager!
  dm-postgres-adapter (= 1.2.0)
  dm-sqlite-adapter (= 1.2.0)
  dm-tags (= 1.2.0)
  dm-timestamps (= 1.2.0)
  dm-transactions!
  dm-types (= 1.2.0)
  dm-validations (= 1.2.0)
  erubis (~> 2.6.6)
  factory_girl (= 2.6.1)
  haml (~> 4.0.4)
  i18n (= 0.6.0)
  im-kayac
  json
  kramdown
  newrelic_rpm
  nokogiri (~> 1.5.2)
  padrino-helpers (= 0.11.2)
  pry
  pygments.rb!
  rack
  rack-flash (~> 0.1.2)
  rack-mini-profiler
  rack-test (= 0.6.1)
  rake
  redcarpet
  rspec (= 2.14.1)
  sass (~> 3.2.12)
  simplecov
  sinatra (~> 1.4.2)
  sinatra-cache!
  sinatra-contrib (~> 1.4.0)
  sinatra-flash (~> 0.3.0)
  slim (~> 0.9.2)
  sshkit!
  stringex (= 1.3.2)
  tapp (= 1.3.0)
  therubyracer
  tux
  unicorn
  wikicloth (= 0.7.1)
  yard-sinatra (= 1.0.0)
