GIT
  remote: https://github.com/lokka/dm-pagination
  revision: dc67daa8a6b335af94c341277fd5a19815ce5083
  specs:
    dm-pager (1.2.1)
      dm-aggregates (~> 1.2.0)
      dm-core (~> 1.2.0)

GIT
  remote: https://github.com/morygonzalez/sinatra-cache
  revision: 92f90c6e922f02491de6dd4b0f43541257fb8c36
  specs:
    sinatra-cache (0.3.7)
      sinatra
      sinatra-outputbuffer

GIT
  remote: https://github.com/vmg/redcarpet.git
  revision: 6270d6b4ab6b46ee6bb57a6c0e4b2377c01780ae
  specs:
    redcarpet (3.5.0)

GEM
  remote: https://rubygems.org/
  specs:
    RedCloth (4.2.9)
    activesupport (6.0.0)
      concurrent-ruby (~> 1.0, >= 1.0.2)
      i18n (>= 0.7, < 2)
      minitest (~> 5.1)
      tzinfo (~> 1.1)
      zeitwerk (~> 2.1, >= 2.1.8)
    addressable (2.5.2)
      public_suffix (>= 2.0.2, < 4.0)
    airbrussh (1.3.0)
      sshkit (>= 1.6.1, != 1.7.0)
    amazon-ecs (2.5.0)
      nokogiri (~> 1.4)
      ruby-hmac (~> 0.3)
    ast (2.4.0)
    awesome_print (1.8.0)
    aws-eventstream (1.0.0)
    aws-partitions (1.207.0)
    aws-sdk-core (3.21.2)
      aws-eventstream (~> 1.0)
      aws-partitions (~> 1.0)
      aws-sigv4 (~> 1.0)
      jmespath (~> 1.0)
    aws-sdk-kms (1.3.0)
      aws-sdk-core (~> 3)
      aws-sigv4 (~> 1.0)
    aws-sdk-s3 (1.8.0)
      aws-sdk-core (~> 3)
      aws-sdk-kms (~> 1)
      aws-sigv4 (~> 1.0)
    aws-sigv4 (1.0.3)
    backports (2.3.0)
    bcrypt (3.1.11)
    bcrypt-ruby (3.1.5)
      bcrypt (>= 3.1.3)
    better_errors (2.4.0)
      coderay (>= 1.0.0)
      erubi (>= 1.0.0)
      rack (>= 0.9.0)
    binding_of_caller (0.7.3)
      debug_inspector (>= 0.0.1)
    bond (0.5.1)
    builder (3.2.3)
    capistrano (3.10.1)
      airbrussh (>= 1.0.0)
      i18n
      rake (>= 10.0.0)
      sshkit (>= 1.9.0)
    capistrano-bundler (1.3.0)
      capistrano (~> 3.1)
      sshkit (~> 1.2)
    capistrano-rbenv (2.1.3)
      capistrano (~> 3.1)
      sshkit (~> 1.3)
    capistrano-rbenv-install (1.2.0)
      capistrano (>= 3.0)
      capistrano-rbenv (>= 2.0)
    capistrano3-puma (3.1.1)
      capistrano (~> 3.7)
      capistrano-bundler
      puma (~> 3.4)
    chunky_png (1.3.8)
    coderay (1.0.5)
    coffee-script (2.4.1)
      coffee-script-source
      execjs
    coffee-script-source (1.12.2)
    compass (1.0.3)
      chunky_png (~> 1.2)
      compass-core (~> 1.0.2)
      compass-import-once (~> 1.0.5)
      rb-fsevent (>= 0.9.3)
      rb-inotify (>= 0.9)
      sass (>= 3.3.13, < 3.5)
    compass-core (1.0.3)
      multi_json (~> 1.0)
      sass (>= 3.3.0, < 3.5)
    compass-import-once (1.0.5)
      sass (>= 3.2, < 3.5)
    concurrent-ruby (1.1.5)
    data_objects (0.10.17)
      addressable (~> 2.1)
    database_cleaner (0.7.1)
    debug_inspector (0.0.3)
    diff-lcs (1.3)
    dm-aggregates (1.2.0)
      dm-core (~> 1.2.0)
    dm-core (1.2.1)
      addressable (~> 2.3)
    dm-do-adapter (1.2.0)
      data_objects (~> 0.10.6)
      dm-core (~> 1.2.0)
    dm-is-searchable (1.2.0)
      dm-core (~> 1.2.0)
    dm-is-tree (1.2.0)
      dm-core (~> 1.2.0)
    dm-migrations (1.2.0)
      dm-core (~> 1.2.0)
    dm-mysql-adapter (1.2.0)
      dm-do-adapter (~> 1.2.0)
      do_mysql (~> 0.10.6)
    dm-postgres-adapter (1.2.0)
      dm-do-adapter (~> 1.2.0)
      do_postgres (~> 0.10.6)
    dm-serializer (1.2.2)
      dm-core (~> 1.2.0)
      fastercsv (~> 1.5)
      json (~> 1.6)
      json_pure (~> 1.6)
      multi_json (~> 1.0)
    dm-sqlite-adapter (1.2.0)
      dm-do-adapter (~> 1.2.0)
      do_sqlite3 (~> 0.10.6)
    dm-tags (1.2.0)
      dm-core (~> 1.2.0)
    dm-timestamps (1.2.0)
      dm-core (~> 1.2.0)
    dm-transactions (1.2.0)
      dm-core (~> 1.2.0)
    dm-types (1.2.2)
      bcrypt-ruby (~> 3.0)
      dm-core (~> 1.2.0)
      fastercsv (~> 1.5)
      json (~> 1.6)
      multi_json (~> 1.0)
      stringex (~> 1.4)
      uuidtools (~> 2.1)
    dm-validations (1.2.0)
      dm-core (~> 1.2.0)
    do_mysql (0.10.17)
      data_objects (= 0.10.17)
    do_postgres (0.10.17)
      data_objects (= 0.10.17)
    do_sqlite3 (0.10.17)
      data_objects (= 0.10.17)
    docile (1.1.5)
    dotenv (2.4.0)
    erubi (1.7.1)
    erubis (2.7.0)
    execjs (2.7.0)
    factory_girl (4.9.0)
      activesupport (>= 3.0.0)
    faraday (0.15.4)
      multipart-post (>= 1.2, < 3)
    fastercsv (1.5.5)
    fastimage (2.1.3)
    ffi (1.11.1)
    get_process_mem (0.2.1)
    haml (5.0.4)
      temple (>= 0.8.0)
      tilt
    haml-lint (0.999.999)
      haml_lint
    haml_lint (0.27.0)
      haml (>= 4.0, < 5.1)
      rainbow
      rake (>= 10, < 13)
      rubocop (>= 0.50.0)
      sysexits (~> 1.1)
    i18n (0.9.5)
      concurrent-ruby (~> 1.0)
    jaro_winkler (1.5.3)
    jmespath (1.4.0)
    json (1.8.6)
    json_pure (1.8.6)
    kramdown (1.16.2)
    method_source (0.9.2)
    mimemagic (0.3.2)
    mini_portile2 (2.4.0)
    minitest (5.10.3)
    multi_json (1.12.2)
    multipart-post (2.1.1)
    natto (1.1.1)
      ffi (>= 1.9.0)
    net-scp (1.2.1)
      net-ssh (>= 2.6.5)
    net-ssh (4.2.0)
    newrelic_rpm (4.6.0.338)
    nokogiri (1.10.4)
      mini_portile2 (~> 2.4.0)
    open_graph_reader (0.7.0)
      faraday (>= 0.9.0)
      nokogiri (~> 1.6)
    padrino-helpers (0.14.1.1)
      i18n (~> 0.6, >= 0.6.7)
      padrino-support (= 0.14.1.1)
      tilt (>= 1.4.1, < 3)
    padrino-support (0.14.1.1)
    parallel (1.17.0)
    parser (2.6.4.0)
      ast (~> 2.4.0)
    pry (0.9.12.6)
      coderay (~> 1.0)
      method_source (~> 0.8)
      slop (~> 3.4)
    public_suffix (3.0.1)
    puma (3.11.0)
    puma_worker_killer (0.1.0)
      get_process_mem (~> 0.2)
      puma (>= 2.7, < 4)
    rack (1.6.11)
    rack-flash (0.1.2)
      rack
    rack-protection (1.5.5)
      rack
    rack-recaptcha2 (1.0.0)
      json
    rack-ssl-enforcer (0.2.9)
    rack-test (0.6.1)
      rack (>= 1.0)
    rainbow (3.0.0)
    rake (11.3.0)
    rb-fsevent (0.10.2)
    rb-inotify (0.9.10)
      ffi (>= 0.5.0, < 2)
    request_store (1.3.2)
    ripl (0.7.1)
      bond (~> 0.5.1)
    ripl-multi_line (0.3.1)
      ripl (>= 0.3.6)
    ripl-rack (0.2.0)
      rack (>= 1.0)
      rack-test (>= 0.5)
      ripl (>= 0.3.5)
    rouge (3.1.1)
    rspec (2.14.1)
      rspec-core (~> 2.14.0)
      rspec-expectations (~> 2.14.0)
      rspec-mocks (~> 2.14.0)
    rspec-core (2.14.8)
    rspec-expectations (2.14.5)
      diff-lcs (>= 1.1.3, < 2.0)
    rspec-mocks (2.14.6)
    rubocop (0.74.0)
      jaro_winkler (~> 1.5.1)
      parallel (~> 1.10)
      parser (>= 2.6)
      rainbow (>= 2.2.2, < 4.0)
      ruby-progressbar (~> 1.7)
      unicode-display_width (>= 1.4.0, < 1.7)
    ruby-hmac (0.4.0)
    ruby-progressbar (1.10.1)
    sass (3.4.25)
    simplecov (0.15.1)
      docile (~> 1.1.0)
      json (>= 1.8, < 3)
      simplecov-html (~> 0.10.0)
    simplecov-html (0.10.2)
    sinatra (1.4.8)
      rack (~> 1.5)
      rack-protection (~> 1.4)
      tilt (>= 1.3, < 3)
    sinatra-contrib (1.4.7)
      backports (>= 2.0)
      multi_json
      rack-protection
      rack-test
      sinatra (~> 1.4.0)
      tilt (>= 1.3, < 3)
    sinatra-flash (0.3.0)
      sinatra (>= 1.0.0)
    sinatra-outputbuffer (0.1.0)
      sinatra (>= 1.0.a)
    slim (3.0.9)
      temple (>= 0.7.6, < 0.9)
      tilt (>= 1.3.3, < 2.1)
    slop (3.6.0)
    sqlite3 (1.3.13)
    sshkit (1.15.1)
      net-scp (>= 1.1.2)
      net-ssh (>= 2.8.0)
    stringex (1.5.1)
    sysexits (1.2.0)
    tapp (1.3.0)
      thor
    temple (0.8.0)
    thor (0.20.0)
    thread_safe (0.3.6)
    tilt (2.0.8)
    tux (0.3.0)
      ripl (>= 0.3.5)
      ripl-multi_line (>= 0.2.4)
      ripl-rack (>= 0.2.0)
      sinatra (>= 1.2.1)
    tzinfo (1.2.4)
      thread_safe (~> 0.1)
    unicode-display_width (1.6.0)
    uuidtools (2.1.5)
    yard (0.9.20)
    yard-sinatra (1.0.0)
      yard (~> 0.7)
    zeitwerk (2.1.9)

PLATFORMS
  ruby

DEPENDENCIES
  RedCloth (= 4.2.9)
  activesupport (~> 6.0)
  amazon-ecs
  awesome_print
  aws-sdk-s3
  backports (= 2.3.0)
  better_errors
  binding_of_caller
  builder
  bundler
  capistrano (= 3.10.1)
  capistrano-bundler
  capistrano-rbenv
  capistrano-rbenv-install
  capistrano3-puma
  coderay (= 1.0.5)
  coffee-script
  compass
  data_objects (= 0.10.17)
  database_cleaner (= 0.7.1)
  dm-aggregates (~> 1.2.0)
  dm-core (~> 1.2.1)
  dm-is-searchable (~> 1.2.0)
  dm-is-tree (~> 1.2.0)
  dm-migrations (~> 1.2.0)
  dm-mysql-adapter (= 1.2.0)
  dm-pager!
  dm-postgres-adapter (= 1.2.0)
  dm-serializer (~> 1.2.2)
  dm-sqlite-adapter (= 1.2.0)
  dm-tags (~> 1.2.0)
  dm-timestamps (~> 1.2.0)
  dm-transactions (~> 1.2.0)
  dm-types (~> 1.2.2)
  dm-validations (~> 1.2.0)
  dotenv
  erubis (~> 2.7.0)
  factory_girl (~> 4.0)
  fastimage
  haml (~> 5.0)
  haml-lint
  i18n (~> 0.7)
  json
  kramdown
  mimemagic
  natto
  newrelic_rpm
  nokogiri
  open_graph_reader
  padrino-helpers (~> 0.14.1.1)
  pry
  puma
  puma_worker_killer
  rack
  rack-flash (~> 0.1.2)
  rack-recaptcha2
  rack-ssl-enforcer
  rack-test (= 0.6.1)
  rake (~> 11.0)
  redcarpet!
  request_store
  rouge
  rspec (= 2.14.1)
  rubocop
  sass
  simplecov
  sinatra (~> 1.4.2)
  sinatra-cache!
  sinatra-contrib (~> 1.4.0)
  sinatra-flash (~> 0.3.0)
  slim (~> 3.0.7)
  sqlite3
  sshkit
  tapp (= 1.3.0)
  tilt (~> 2.0)
  tux
  yard-sinatra (= 1.0.0)

BUNDLED WITH
   2.0.2
