GIT
  remote: git://github.com/datamapper/do.git
  revision: d7cb262d89a16eca86f85c10b88613529e1a992b
  ref: d7cb262d89a1
  specs:
    data_objects (0.10.6)
      addressable (~> 2.1)
    do_mysql (0.10.6)
      data_objects (= 0.10.6)
    do_postgres (0.10.6)
      data_objects (= 0.10.6)
    do_sqlite3 (0.10.6)
      data_objects (= 0.10.6)

GIT
  remote: git://github.com/yayugu/dm-pagination.git
  revision: ab6e85d1b9e7d8d8ee69921bd0796f20d34a5e89
  specs:
    dm-pager (1.1.1)

GIT
  remote: https://github.com/tmm1/pygments.rb
  revision: f82642a314bfc80088eea6e81df44b11e8d2193a
  specs:
    pygments.rb (0.4.2)
      posix-spawn (~> 0.3.6)
      yajl-ruby (~> 1.1.0)

GEM
  remote: https://rubygems.org/
  specs:
    RedCloth (4.2.9)
    abstract (1.0.0)
    activesupport (3.1.12)
      multi_json (~> 1.0)
    addressable (2.2.8)
    amazon-ecs (2.2.4)
      nokogiri (~> 1.4)
      ruby-hmac (~> 0.3)
    args_parser (0.1.4)
    awesome_print (1.1.0)
    backports (2.3.0)
    bcrypt-ruby (3.0.1)
    bond (0.4.3)
    builder (3.0.0)
    capistrano (2.14.2)
      highline
      net-scp (>= 1.0.0)
      net-sftp (>= 2.0.0)
      net-ssh (>= 2.0.14)
      net-ssh-gateway (>= 1.1.0)
    capistrano-ext (1.2.1)
      capistrano (>= 1.0.0)
    capistrano_colors (0.5.5)
    chunky_png (1.2.8)
    coderay (1.0.5)
    compass (0.12.2)
      chunky_png (~> 1.2)
      fssm (>= 0.2.7)
      sass (~> 3.1)
    database_cleaner (0.7.1)
    diff-lcs (1.1.3)
    dm-aggregates (1.2.0)
      dm-core (~> 1.2.0)
    dm-core (1.2.0)
      addressable (~> 2.2.6)
    dm-do-adapter (1.2.0)
      data_objects (~> 0.10.6)
      dm-core (~> 1.2.0)
    dm-is-searchable (1.2.0)
      dm-core (~> 1.2.0)
    dm-is-tree (1.2.0)
      dm-core (~> 1.2.0)
    dm-migrations (1.2.0)
      dm-core (~> 1.2.0)
    dm-mysql-adapter (1.2.0)
      dm-do-adapter (~> 1.2.0)
      do_mysql (~> 0.10.6)
    dm-postgres-adapter (1.2.0)
      dm-do-adapter (~> 1.2.0)
      do_postgres (~> 0.10.6)
    dm-sqlite-adapter (1.2.0)
      dm-do-adapter (~> 1.2.0)
      do_sqlite3 (~> 0.10.6)
    dm-tags (1.2.0)
      dm-core (~> 1.2.0)
    dm-timestamps (1.2.0)
      dm-core (~> 1.2.0)
    dm-types (1.2.0)
      bcrypt-ruby (~> 3.0.0)
      dm-core (~> 1.2.0)
      fastercsv (~> 1.5.4)
      json (~> 1.5.4)
      multi_json (~> 1.0.3)
      stringex (~> 1.3.0)
      uuidtools (~> 2.1.2)
    dm-validations (1.2.0)
      dm-core (~> 1.2.0)
    erubis (2.6.6)
      abstract (>= 1.0.0)
    eventmachine (1.0.3)
    expression_parser (0.9.0)
    factory_girl (2.6.1)
      activesupport (>= 2.3.9)
    fastercsv (1.5.5)
    fssm (0.2.10)
    haml (3.1.8)
    highline (1.6.16)
    http_router (0.10.2)
      rack (>= 1.0.0)
      url_mount (~> 0.2.1)
    httparty (0.10.2)
      multi_json (~> 1.0)
      multi_xml (>= 0.5.2)
    i18n (0.6.0)
    im-kayac (0.1.1)
      args_parser
      httparty
      json
    json (1.5.5)
    kgio (2.8.0)
    kramdown (1.0.1)
    method_source (0.8.1)
    multi_json (1.0.4)
    multi_xml (0.5.3)
    net-scp (1.1.0)
      net-ssh (>= 2.6.5)
    net-sftp (2.1.1)
      net-ssh (>= 2.6.5)
    net-ssh (2.6.6)
    net-ssh-gateway (1.2.0)
      net-ssh (>= 2.6.5)
    newrelic_rpm (3.6.0.83)
    nokogiri (1.5.9)
    padrino-core (0.10.5)
      activesupport (~> 3.1.0)
      http_router (~> 0.10.2)
      sinatra (~> 1.3.1)
      thor (~> 0.14.3)
      tilt (~> 1.3.0)
    padrino-helpers (0.10.5)
      i18n (~> 0.6)
      padrino-core (= 0.10.5)
    posix-spawn (0.3.6)
    pry (0.9.12)
      coderay (~> 1.0.5)
      method_source (~> 0.8)
      slop (~> 3.4)
    rack (1.5.2)
    rack-flash (0.1.2)
      rack
    rack-protection (1.5.0)
      rack
    rack-test (0.6.1)
      rack (>= 1.0)
    raindrops (0.10.0)
    rake (10.0.4)
    redcarpet (2.2.2)
    ripl (0.7.0)
      bond (~> 0.4.2)
    ripl-multi_line (0.3.0)
      ripl (>= 0.3.6)
    ripl-rack (0.2.0)
      rack (>= 1.0)
      rack-test (>= 0.5)
      ripl (>= 0.3.5)
    rspec (2.8.0)
      rspec-core (~> 2.8.0)
      rspec-expectations (~> 2.8.0)
      rspec-mocks (~> 2.8.0)
    rspec-core (2.8.0)
    rspec-expectations (2.8.0)
      diff-lcs (~> 1.1.2)
    rspec-mocks (2.8.0)
    ruby-hmac (0.4.0)
    sass (3.1.21)
    simplecov (0.7.1)
      multi_json (~> 1.0)
      simplecov-html (~> 0.7.1)
    simplecov-html (0.7.1)
    sinatra (1.3.4)
      rack (~> 1.4)
      rack-protection (~> 1.3)
      tilt (~> 1.3, >= 1.3.3)
    sinatra-contrib (1.3.2)
      backports (>= 2.0)
      eventmachine
      rack-protection
      rack-test
      sinatra (~> 1.3.0)
      tilt (~> 1.3)
    sinatra-flash (0.3.0)
      sinatra (>= 1.0.0)
    slim (0.9.4)
      temple (~> 0.3.0)
      tilt (~> 1.2)
    slop (3.4.4)
    stringex (1.3.2)
    tapp (1.3.0)
      thor
    temple (0.3.5)
    thor (0.14.6)
    tilt (1.3.6)
    tux (0.3.0)
      ripl (>= 0.3.5)
      ripl-multi_line (>= 0.2.4)
      ripl-rack (>= 0.2.0)
      sinatra (>= 1.2.1)
    unicorn (4.6.2)
      kgio (~> 2.6)
      rack
      raindrops (~> 0.7)
    url_mount (0.2.1)
      rack
    uuidtools (2.1.3)
    wikicloth (0.7.1)
      builder
      expression_parser
    yajl-ruby (1.1.0)
    yard (0.8.5.2)
    yard-sinatra (1.0.0)
      yard (~> 0.7)

PLATFORMS
  ruby

DEPENDENCIES
  RedCloth (= 4.2.9)
  activesupport (~> 3.1.1)
  amazon-ecs
  awesome_print
  backports (= 2.3.0)
  builder (= 3.0.0)
  bundler
  capistrano
  capistrano-ext
  capistrano_colors
  coderay (= 1.0.5)
  compass
  data_objects!
  database_cleaner (= 0.7.1)
  dm-aggregates (= 1.2.0)
  dm-core (= 1.2.0)
  dm-is-searchable (= 1.2.0)
  dm-is-tree (= 1.2.0)
  dm-migrations (= 1.2.0)
  dm-mysql-adapter (= 1.2.0)
  dm-pager!
  dm-postgres-adapter (= 1.2.0)
  dm-sqlite-adapter (= 1.2.0)
  dm-tags (= 1.2.0)
  dm-timestamps (= 1.2.0)
  dm-types (= 1.2.0)
  dm-validations (= 1.2.0)
  erubis (~> 2.6.6)
  factory_girl (= 2.6.1)
  haml (~> 3.1.1)
  i18n (= 0.6.0)
  im-kayac
  json
  kramdown
  newrelic_rpm
  nokogiri (~> 1.5.2)
  padrino-helpers (= 0.10.5)
  pry
  pygments.rb!
  rack
  rack-flash (~> 0.1.2)
  rack-test (= 0.6.1)
  rake
  redcarpet
  rspec (= 2.8.0)
  sass (~> 3.1.1)
  simplecov
  sinatra (= 1.3.4)
  sinatra-contrib (= 1.3.2)
  sinatra-flash (~> 0.3.0)
  slim (~> 0.9.2)
  stringex (= 1.3.2)
  tapp (= 1.3.0)
  tux
  unicorn
  wikicloth (= 0.7.1)
  yard-sinatra (= 1.0.0)
